PATH
  remote: .
  specs:
    extralite (1.16)

GEM
  remote: https://rubygems.org/
  specs:
    docile (1.4.0)
    json (2.6.1)
    minitest (5.15.0)
    rake (13.0.6)
    rake-compiler (1.1.6)
      rake
    sequel (5.51.0)
    simplecov (0.17.1)
      docile (~> 1.1)
      json (>= 1.8, < 3)
      simplecov-html (~> 0.10.0)
    simplecov-html (0.10.2)
    webrick (1.7.0)
    yard (0.9.27)
      webrick (~> 1.7.0)

PLATFORMS
  ruby

DEPENDENCIES
  extralite!
  minitest (= 5.15.0)
  rake-compiler (= 1.1.6)
  sequel (= 5.51.0)
  simplecov (= 0.17.1)
  yard (= 0.9.27)

BUNDLED WITH
   2.3.3
